GEM
  remote: http://rubygems.org/
  specs:
    activemodel (3.0.20)
      activesupport (= 3.0.20)
      builder (~> 2.1.2)
      i18n (~> 0.5.0)
    activesupport (3.0.20)
    addressable (2.3.3)
    bouncy-castle-java (1.5.0147)
    builder (2.1.2)
    coderay (1.0.9)
    faraday (0.8.7)
      multipart-post (~> 1.1)
    ffi (1.6.0-java)
    hbase-jruby (0.2.3-java)
    i18n (0.5.0)
    jruby-openssl (0.8.7)
      bouncy-castle-java (>= 1.5.0147)
    koala (1.6.0)
      addressable (~> 2.2)
      faraday (~> 0.8)
      multi_json (~> 1.3)
    massive_record (0.2.2)
      activemodel (~> 3.0.7)
      activesupport (~> 3.0.7)
      thrift (= 0.6.0)
      tzinfo
    method_source (0.8.1)
    multi_json (1.7.2)
    multipart-post (1.2.0)
    pry (0.9.12)
      coderay (~> 1.0.5)
      method_source (~> 0.8)
      slop (~> 3.4)
    pry (0.9.12-java)
      coderay (~> 1.0.5)
      method_source (~> 0.8)
      slop (~> 3.4)
      spoon (~> 0.0)
    rake (10.0.4)
    redis (3.0.3)
    redstorm (0.6.4)
      rake
    simple_oauth (0.2.0)
    slop (3.4.4)
    spoon (0.0.3)
      ffi
    thrift (0.6.0)
    twitter (4.6.2)
      faraday (~> 0.8, < 0.10)
      multi_json (~> 1.0)
      simple_oauth (~> 0.2)
    tzinfo (0.3.37)

PLATFORMS
  java
  ruby

DEPENDENCIES
  hbase-jruby
  jruby-openssl
  koala
  massive_record
  pry
  redis
  redstorm (~> 0.6.4)
  twitter
