GEM
  remote: http://rubygems.org/
  specs:
    mysql2 (0.3.11)
    redis (3.0.3)

PLATFORMS
  ruby

DEPENDENCIES
  mysql2
  redis
